{
	"Modality": "MR",
	"MagneticFieldStrength": 1.5,
	"ImagingFrequency": 63.6429,
	"Manufacturer": "Siemens",
	"ManufacturersModelName": "MAGNETOM_Sola",
	"InstitutionName": "PAH",
	"InstitutionalDepartmentName": "DEFAULT",
	"InstitutionAddress": "Ipswich_Road_199_Woolloongabba_Brisbane_QLD_AU_4102",
	"DeviceSerialNumber": "182613",
	"StationName": "MRI",
	"BodyPartExamined": "BRAIN",
	"PatientPosition": "HFS",
	"ProcedureStepDescription": "MR_Brain",
	"SoftwareVersions": "syngo_MR_XA11",
	"MRAcquisitionType": "2D",
	"SeriesDescription": "DWI_Resolve_TRACEW",
	"ProtocolName": "DWI_Resolve",
	"ScanningSequence": "GR_EP",
	"SequenceVariant": "SK",
	"ScanOptions": "CG_RG_FS_PER",
	"SequenceName": "_re_b0",
	"ImageType": ["DERIVED", "PRIMARY", "DIFFUSION", "TRACEW", "NORM", "DIS2D", "MFSPLIT"],
	"RawImage": false,
	"SeriesNumber": 6001,
	"AcquisitionTime": "12:38:54.702500",
	"AcquisitionNumber": 1,
	"SliceThickness": 4,
	"SpacingBetweenSlices": 5.2,
	"SAR": 0.0680749,
	"EchoTime": 0.06018,
	"RepetitionTime": 7.07,
	"FlipAngle": 180,
	"ReceiveCoilActiveElements": "HE1-4",
	"CoilString": "HeadNeck_20_TCS",
	"PercentPhaseFOV": 100,
	"PercentSampling": 100,
	"PhaseEncodingSteps": 160,
	"AcquisitionMatrixPE": 160,
	"ReconMatrixPE": 160,
	"BandwidthPerPixelPhaseEncode": 34.722,
	"ParallelReductionFactorInPlane": 2,
	"EffectiveEchoSpacing": 0.000180001,
	"DerivedVendorReportedEchoSpacing": 0.000360002,
	"TotalReadoutTime": 0.0286202,
	"PixelBandwidth": 919,
	"PhaseEncodingDirection": "j-",
	"SliceTiming": [
		3.535,
		0,
		3.7725,
		0.2375,
		4.0075,
		0.4725,
		4.2425,
		0.7075,
		4.4775,
		0.9425,
		4.715,
		1.18,
		4.95,
		1.415,
		5.185,
		1.65,
		5.42,
		1.885,
		5.6575,
		2.1225,
		5.8925,
		2.3575,
		6.1275,
		2.5925,
		6.3625,
		2.8275,
		6.6,
		3.065,
		6.835,
		3.3	],
	"ImageOrientationPatientDICOM": [
		0.999336,
		0.000556811,
		0.0364217,
		7.51584e-08,
		0.999883,
		-0.0152881	],
	"InPlanePhaseEncodingDirectionDICOM": "COL",
	"ConversionSoftware": "dcm2niix",
	"ConversionSoftwareVersion": "v1.0.20200331"
}
