{
	"Modality": "MR",
	"MagneticFieldStrength": 1.5,
	"ImagingFrequency": 63.6429,
	"Manufacturer": "Siemens",
	"ManufacturersModelName": "MAGNETOM_Sola",
	"InstitutionName": "PAH",
	"InstitutionalDepartmentName": "DEFAULT",
	"InstitutionAddress": "Ipswich_Road_199_Woolloongabba_Brisbane_QLD_AU_4102",
	"DeviceSerialNumber": "182613",
	"StationName": "MRI",
	"BodyPartExamined": "BRAIN",
	"PatientPosition": "HFS",
	"ProcedureStepDescription": "MR_Brain",
	"SoftwareVersions": "syngo_MR_XA11",
	"MRAcquisitionType": "2D",
	"SeriesDescription": "DWI_Resolve_ADC",
	"ProtocolName": "DWI_Resolve",
	"ScanningSequence": "GR_EP",
	"SequenceVariant": "SK",
	"ScanOptions": "CG_RG_FS_PER",
	"SequenceName": "_re_b0_1000",
	"ImageType": ["DERIVED", "PRIMARY", "DIFFUSION", "ADC", "NORM", "DIS2D", "MFSPLIT"],
	"RawImage": false,
	"SeriesNumber": 7001,
	"AcquisitionTime": "12:40:47.827500",
	"AcquisitionNumber": 1,
	"SliceThickness": 4,
	"SpacingBetweenSlices": 5.2,
	"SAR": 0.0680749,
	"EchoTime": 0.06018,
	"RepetitionTime": 7.07,
	"FlipAngle": 180,
	"ReceiveCoilActiveElements": "HE1-4",
	"CoilString": "HeadNeck_20_TCS",
	"PercentPhaseFOV": 100,
	"PercentSampling": 100,
	"PhaseEncodingSteps": 160,
	"AcquisitionMatrixPE": 160,
	"ReconMatrixPE": 160,
	"BandwidthPerPixelPhaseEncode": 34.722,
	"ParallelReductionFactorInPlane": 2,
	"EffectiveEchoSpacing": 0.000180001,
	"DerivedVendorReportedEchoSpacing": 0.000360002,
	"TotalReadoutTime": 0.0286202,
	"PixelBandwidth": 919,
	"PhaseEncodingDirection": "j-",
	"SliceTiming": [
		130.803,
		-0.001,
		-0.001,
		-0.001,
		-0.001,
		-0.001,
		-0.001,
		-0.001,
		-0.001,
		-0.001,
		-0.001,
		-0.001,
		-0.001,
		-0.001,
		-0.001,
		-0.001,
		-0.001,
		-0.001,
		-0.001,
		-0.001,
		-0.001,
		-0.001,
		-0.001,
		-0.001,
		-0.001,
		-0.001,
		-0.001,
		-0.001,
		-0.001,
		-0.001	],
	"ImageOrientationPatientDICOM": [
		0.999336,
		0.000556811,
		0.0364217,
		7.51584e-08,
		0.999883,
		-0.0152881	],
	"InPlanePhaseEncodingDirectionDICOM": "COL",
	"ConversionSoftware": "dcm2niix",
	"ConversionSoftwareVersion": "v1.0.20200331"
}
