{
	"Modality": "MR",
	"MagneticFieldStrength": 1.5,
	"ImagingFrequency": 63.6429,
	"Manufacturer": "Siemens",
	"ManufacturersModelName": "MAGNETOM_Sola",
	"InstitutionName": "PAH",
	"InstitutionalDepartmentName": "DEFAULT",
	"InstitutionAddress": "Ipswich_Road_199_Woolloongabba_Brisbane_QLD_AU_4102",
	"DeviceSerialNumber": "182613",
	"StationName": "MRI",
	"BodyPartExamined": "BRAIN",
	"PatientPosition": "HFS",
	"ProcedureStepDescription": "MR_Brain",
	"SoftwareVersions": "syngo_MR_XA11",
	"MRAcquisitionType": "2D",
	"SeriesDescription": "Ax_T2_Flair",
	"ProtocolName": "Ax_T2_Flair",
	"ScanningSequence": "SE",
	"SequenceVariant": "SP_SK",
	"ScanOptions": "CG_RG_PER",
	"SequenceName": "_tir2d1_15",
	"ImageType": ["ORIGINAL", "PRIMARY", "M", "NORM", "DIS2D", "MFSPLIT"],
	"SeriesNumber": 5001,
	"AcquisitionTime": "12:35:55.422500",
	"AcquisitionNumber": 1,
	"SliceThickness": 4,
	"SpacingBetweenSlices": 5.2,
	"SAR": 0.153047,
	"EchoTime": 0.086,
	"RepetitionTime": 9,
	"InversionTime": 2.5,
	"FlipAngle": 150,
	"ReceiveCoilActiveElements": "HE1-4",
	"CoilString": "HeadNeck_20_TCS",
	"PartialFourier": 0.142857,
	"PercentPhaseFOV": 93.75,
	"PercentSampling": 70,
	"EchoTrainLength": 15,
	"PhaseEncodingSteps": 210,
	"AcquisitionMatrixPE": 210,
	"ReconMatrixPE": 300,
	"ParallelReductionFactorInPlane": 2,
	"PixelBandwidth": 191,
	"PhaseEncodingDirection": "i",
	"SliceTiming": [
		0,
		-0.001,
		-0.001,
		-0.001,
		-0.001,
		-0.001,
		-0.001,
		-0.001,
		-0.001,
		-0.001,
		-0.001,
		-0.001,
		-0.001,
		-0.001,
		-0.001,
		-0.001,
		-0.001,
		-0.001,
		-0.001,
		-0.001,
		-0.001,
		-0.001,
		-0.001,
		-0.001,
		-0.001,
		-0.001,
		-0.001,
		-0.001,
		-0.001,
		-0.001	],
	"ImageOrientationPatientDICOM": [
		0.999336,
		0.000556886,
		0.0364217,
		6.5016e-11,
		0.999883,
		-0.0152881	],
	"InPlanePhaseEncodingDirectionDICOM": "ROW",
	"ConversionSoftware": "dcm2niix",
	"ConversionSoftwareVersion": "v1.0.20200331"
}
